GEM
  remote: https://rubygems.org/
  specs:
    ansi (1.5.0)
    builder (3.3.0)
    debug (1.9.2)
      irb (~> 1.10)
      reline (>= 0.3.8)
    io-console (0.7.2)
    irb (1.14.1)
      rdoc (>= 4.0.0)
      reline (>= 0.4.2)
    minitest (5.25.1)
    minitest-reporters (1.7.1)
      ansi
      builder
      minitest (>= 5.0)
      ruby-progressbar
    psych (5.2.0)
      stringio
    rdoc (6.8.1)
      psych (>= 4.0.0)
    reline (0.5.12)
      io-console (~> 0.5)
    ruby-progressbar (1.13.0)
    stringio (3.1.2)

PLATFORMS
  x64-mingw-ucrt

DEPENDENCIES
  debug
  minitest (~> 5.25)
  minitest-reporters (~> 1.7)

BUNDLED WITH
   2.5.20
